PATH
  remote: .
  specs:
    rspec (1.3.2)

GEM
  remote: http://rubygems.org/
  specs:
    ParseTree (3.0.9)
      RubyInline (~> 3.9.0)
      sexp_processor (~> 3.2.0)
    RubyInline (3.9.0)
      ZenTest (~> 4.3)
    ZenTest (4.11.1)
    archive-tar-minitar (0.6.1)
      minitar (~> 0.6)
      minitar-cli (~> 0.6)
    builder (3.2.3)
    columnize (0.9.0)
    cucumber (2.4.0)
      builder (>= 2.1.2)
      cucumber-core (~> 1.5.0)
      cucumber-wire (~> 0.0.1)
      diff-lcs (>= 1.1.3)
      gherkin (~> 4.0)
      multi_json (>= 1.7.5, < 2.0)
      multi_test (>= 0.1.2)
    cucumber-core (1.5.0)
      gherkin (~> 4.0)
    cucumber-wire (0.0.1)
    diff-lcs (1.3)
    fakefs (0.11.2)
    flexmock (0.9.0)
    gherkin (4.1.3)
    hashie (3.5.6)
    heckle (1.4.3)
      ParseTree (>= 2.0.0)
      ZenTest (>= 3.5.2)
      hoe (>= 2.3.0)
      ruby2ruby (>= 1.1.6)
    hoe (3.16.1)
      rake (>= 0.8, < 13.0)
    linecache (1.3.1)
    linecache19 (0.5.12)
      ruby_core_source (>= 0.1.4)
    mini_portile2 (2.3.0)
    minitar (0.6.1)
    minitar-cli (0.6.1)
      minitar (~> 0.6.0)
      powerbar (~> 1.0)
    mocha (0.9.7)
      rake
    multi_json (1.12.2)
    multi_test (0.1.2)
    nokogiri (1.8.1)
      mini_portile2 (~> 2.3.0)
    powerbar (1.0.18)
      hashie (>= 1.1.0)
    rake (12.1.0)
    rr (0.10.11)
    ruby-debug (0.10.4)
      columnize (>= 0.1)
      ruby-debug-base (~> 0.10.4.0)
    ruby-debug-base (0.10.4)
      linecache (>= 0.3)
    ruby-debug-base19 (0.11.25)
      columnize (>= 0.3.1)
      linecache19 (>= 0.5.11)
      ruby_core_source (>= 0.1.4)
    ruby-debug19 (0.11.6)
      columnize (>= 0.3.1)
      linecache19 (>= 0.5.11)
      ruby-debug-base19 (>= 0.11.19)
    ruby2ruby (1.3.1)
      ruby_parser (~> 2.0)
      sexp_processor (~> 3.0)
    ruby_core_source (0.1.5)
      archive-tar-minitar (>= 0.5.2)
    ruby_parser (2.3.1)
      sexp_processor (~> 3.0)
    sexp_processor (3.2.0)
    syntax (1.2.2)
    test-unit (1.2.3)
      hoe (>= 1.5.1)

PLATFORMS
  ruby

DEPENDENCIES
  cucumber (>= 0.3)
  diff-lcs (>= 1.1.2)
  fakefs (>= 0.2.1)
  flexmock (>= 0.8.6, < 1)
  heckle (>= 1.4.2)
  hoe (>= 2.0)
  mocha (>= 0.9.5, < 0.12)
  nokogiri (>= 1.2.3)
  rake (>= 0.8.4)
  rr (>= 0.10.0, < 1)
  rspec!
  ruby-debug
  ruby-debug19 (~> 0.11.6)
  syntax (>= 1.0)
  test-unit (= 1.2.3)

BUNDLED WITH
   1.15.1
